GEM
  remote: http://rubygems.org/
  specs:
    addressable (2.2.6)
    dnsruby (1.53)
    geoip (1.1.2)
    heroku (2.18.0)
      launchy (>= 0.3.2)
      rest-client (~> 1.6.1)
      rubyzip
      term-ansicolor (~> 1.0.5)
    launchy (2.0.5)
      addressable (~> 2.2.6)
    mime-types (1.17.2)
    rack (1.4.0)
    rack-protection (1.2.0)
      rack
    rest-client (1.6.7)
      mime-types (>= 1.16)
    rubyzip (0.9.5)
    sinatra (1.3.2)
      rack (~> 1.3, >= 1.3.6)
      rack-protection (~> 1.2)
      tilt (~> 1.3, >= 1.3.3)
    term-ansicolor (1.0.7)
    tilt (1.3.3)
    whois (2.1.0)

PLATFORMS
  x86-mingw32

DEPENDENCIES
  dnsruby
  geoip
  heroku
  sinatra
  whois
