GEM
  remote: http://rubygems.org/
  specs:
    addressable (2.2.6)
    daemons (1.1.5)
    dnsruby (1.53)
    eventmachine (1.0.0.beta.4.1-x86-mingw32)
    heroku (2.17.0)
      launchy (>= 0.3.2)
      rest-client (~> 1.6.1)
      rubyzip
      term-ansicolor (~> 1.0.5)
    launchy (2.0.5)
      addressable (~> 2.2.6)
    mime-types (1.17.2)
    rack (1.4.0)
    rack-protection (1.2.0)
      rack
    rest-client (1.6.7)
      mime-types (>= 1.16)
    rubyzip (0.9.5)
    sinatra (1.3.2)
      rack (~> 1.3, >= 1.3.6)
      rack-protection (~> 1.2)
      tilt (~> 1.3, >= 1.3.3)
    term-ansicolor (1.0.7)
    thin (1.2.11-x86-mingw32)
      daemons (>= 1.0.9)
      eventmachine (>= 0.12.6)
      rack (>= 1.0.0)
    tilt (1.3.3)

PLATFORMS
  x86-mingw32

DEPENDENCIES
  dnsruby
  eventmachine (~> 1.0.0.beta.4.1)
  heroku
  sinatra
  thin (~> 1.2.11)
