GEM
  remote: http://rubygems.org/
  specs:
    activesupport (3.2.5)
      i18n (~> 0.6)
      multi_json (~> 1.0)
    addressable (2.2.7)
    backports (2.3.0)
    daemons (1.1.8)
    diff-lcs (1.1.3)
    dnsruby (1.53)
    domainatrix (0.0.10)
      addressable
    eventmachine (1.0.0.beta.4.1-x86-mingw32)
    factory_girl (3.3.0)
      activesupport (>= 3.0.0)
    geoip (1.1.2)
    heroku (2.21.3)
      launchy (>= 0.3.2)
      netrc (~> 0.7.1)
      rest-client (~> 1.6.1)
      rubyzip
    i18n (0.6.0)
    launchy (2.0.5)
      addressable (~> 2.2.6)
    mime-types (1.17.2)
    multi_json (1.3.6)
    netrc (0.7.1)
    rack (1.4.1)
    rack-protection (1.2.0)
      rack
    rack-test (0.6.1)
      rack (>= 1.0)
    rest-client (1.6.7)
      mime-types (>= 1.16)
    rspec (2.10.0)
      rspec-core (~> 2.10.0)
      rspec-expectations (~> 2.10.0)
      rspec-mocks (~> 2.10.0)
    rspec-core (2.10.1)
    rspec-expectations (2.10.0)
      diff-lcs (~> 1.1.3)
    rspec-mocks (2.10.1)
    rubyzip (0.9.6.1)
    simpleidn (0.0.4)
    sinatra (1.3.2)
      rack (~> 1.3, >= 1.3.6)
      rack-protection (~> 1.2)
      tilt (~> 1.3, >= 1.3.3)
    sinatra-contrib (1.3.1)
      backports (>= 2.0)
      eventmachine
      rack-protection
      rack-test
      sinatra (~> 1.3.0)
      tilt (~> 1.3)
    thin (1.2.11)
      daemons (>= 1.0.9)
      eventmachine (>= 0.12.6)
      rack (>= 1.0.0)
    thin (1.2.11-x86-mingw32)
      daemons (>= 1.0.9)
      eventmachine (>= 0.12.6)
      rack (>= 1.0.0)
    tilt (1.3.3)
    whois (2.4.0)

PLATFORMS
  ruby
  x86-mingw32

DEPENDENCIES
  dnsruby (~> 1.53)
  domainatrix (~> 0.0.10)
  factory_girl (~> 3.3.0)
  geoip (~> 1.1.2)
  heroku
  rspec (~> 2.10.0)
  simpleidn (~> 0.0.4)
  sinatra (~> 1.3.2)
  sinatra-contrib (~> 1.3.1)
  thin
  whois (~> 2.4.0)
