GEM
  remote: https://rubygems.org/
  specs:
    activesupport (7.0.4)
      concurrent-ruby (~> 1.0, >= 1.0.2)
      i18n (>= 1.6, < 2)
      minitest (>= 5.1)
      tzinfo (~> 2.0)
    addressable (2.5.2)
      public_suffix (>= 2.0.2, < 4.0)
    bootstrap-sass (3.1.1.1)
      sass (~> 3.2)
    chunky_png (1.3.10)
    compass (0.12.7)
      chunky_png (~> 1.2)
      fssm (>= 0.2.7)
      sass (~> 3.2.19)
    concurrent-ruby (1.1.10)
    daemons (1.2.6)
    diff-lcs (1.3)
    dnsruby (1.61.2)
      addressable (~> 2.5)
    domainatrix (0.0.11)
      addressable
    eventmachine (1.2.5)
    factory_girl (4.9.0)
      activesupport (>= 3.0.0)
    fssm (0.2.10)
    geoip (1.6.4)
    heroku (3.99.4)
    i18n (1.12.0)
      concurrent-ruby (~> 1.0)
    minitest (5.16.3)
    multi_json (1.15.0)
    mustermann (3.0.0)
      ruby2_keywords (~> 0.0.1)
    newrelic_rpm (5.4.0.347)
    public_suffix (3.0.2)
    puma (3.12.0)
    rack (2.2.4)
    rack-protection (3.0.3)
      rack
    rspec (3.8.0)
      rspec-core (~> 3.8.0)
      rspec-expectations (~> 3.8.0)
      rspec-mocks (~> 3.8.0)
    rspec-core (3.8.0)
      rspec-support (~> 3.8.0)
    rspec-expectations (3.8.0)
      diff-lcs (>= 1.2.0, < 2.0)
      rspec-support (~> 3.8.0)
    rspec-mocks (3.8.0)
      diff-lcs (>= 1.2.0, < 2.0)
      rspec-support (~> 3.8.0)
    rspec-support (3.8.0)
    ruby2_keywords (0.0.5)
    sass (3.2.19)
    scout_apm (2.4.20)
    simpleidn (0.1.1)
      unf (~> 0.1.4)
    sinatra (3.0.3)
      mustermann (~> 3.0)
      rack (~> 2.2, >= 2.2.4)
      rack-protection (= 3.0.3)
      tilt (~> 2.0)
    sinatra-contrib (3.0.3)
      multi_json
      mustermann (~> 3.0)
      rack-protection (= 3.0.3)
      sinatra (= 3.0.3)
      tilt (~> 2.0)
    thin (1.7.2)
      daemons (~> 1.0, >= 1.0.9)
      eventmachine (~> 1.0, >= 1.0.4)
      rack (>= 1, < 3)
    tilt (2.0.11)
    tzinfo (2.0.5)
      concurrent-ruby (~> 1.0)
    unf (0.1.4)
      unf_ext
    unf_ext (0.0.7.5)
    whois (4.0.7)

PLATFORMS
  ruby

DEPENDENCIES
  bootstrap-sass (~> 3.1.1.0)
  compass (~> 0.12.2)
  dnsruby
  domainatrix
  factory_girl
  geoip
  heroku
  newrelic_rpm
  puma
  rspec
  scout_apm
  simpleidn
  sinatra
  sinatra-contrib
  thin
  whois

RUBY VERSION
   ruby 2.5.0p0

BUNDLED WITH
   1.16.1
