GEM
  remote: https://rubygems.org/
  specs:
    activesupport (4.0.2)
      i18n (~> 0.6, >= 0.6.4)
      minitest (~> 4.2)
      multi_json (~> 1.3)
      thread_safe (~> 0.1)
      tzinfo (~> 0.3.37)
    addressable (2.3.5)
    atomic (1.1.14)
    backports (3.4.0)
    daemons (1.1.9)
    diff-lcs (1.2.5)
    dnsruby (1.54)
    domainatrix (0.0.11)
      addressable
    eventmachine (1.0.3)
    excon (0.31.0)
    factory_girl (4.3.0)
      activesupport (>= 3.0.0)
    geoip (1.3.5)
    heroku (3.2.2)
      heroku-api (~> 0.3.7)
      launchy (>= 0.3.2)
      netrc (~> 0.7.7)
      rest-client (~> 1.6.1)
      rubyzip
    heroku-api (0.3.16)
      excon (~> 0.27)
      multi_json (~> 1.8.2)
    i18n (0.6.9)
    kgio (2.8.1)
    launchy (2.4.2)
      addressable (~> 2.3)
    mime-types (2.0)
    minitest (4.7.5)
    multi_json (1.8.4)
    netrc (0.7.7)
    newrelic_rpm (3.7.1.182)
    rack (1.5.2)
    rack-protection (1.5.1)
      rack
    rack-test (0.6.2)
      rack (>= 1.0)
    raindrops (0.12.0)
    rest-client (1.6.7)
      mime-types (>= 1.16)
    rspec (2.14.1)
      rspec-core (~> 2.14.0)
      rspec-expectations (~> 2.14.0)
      rspec-mocks (~> 2.14.0)
    rspec-core (2.14.7)
    rspec-expectations (2.14.4)
      diff-lcs (>= 1.1.3, < 2.0)
    rspec-mocks (2.14.4)
    rubyzip (1.1.0)
    simpleidn (0.0.5)
    sinatra (1.4.4)
      rack (~> 1.4)
      rack-protection (~> 1.4)
      tilt (~> 1.3, >= 1.3.4)
    sinatra-contrib (1.4.2)
      backports (>= 2.0)
      multi_json
      rack-protection
      rack-test
      sinatra (~> 1.4.0)
      tilt (~> 1.3)
    thin (1.6.1)
      daemons (>= 1.0.9)
      eventmachine (>= 1.0.0)
      rack (>= 1.0.0)
    thread_safe (0.1.3)
      atomic
    tilt (1.4.1)
    tzinfo (0.3.38)
    unicorn (4.8.0)
      kgio (~> 2.6)
      rack
      raindrops (~> 0.7)
    whois (3.4.2)

PLATFORMS
  ruby

DEPENDENCIES
  dnsruby (~> 1.54)
  domainatrix (~> 0.0.11)
  factory_girl (~> 4.3.0)
  geoip (~> 1.3.5)
  heroku
  newrelic_rpm
  rspec (~> 2.14.0)
  simpleidn (~> 0.0.5)
  sinatra (~> 1.4.4)
  sinatra-contrib (~> 1.4.2)
  thin
  unicorn
  whois (~> 3.4.2)
